PATH
  remote: .
  specs:
    monit2slack (0.1.6.2)
      bundler (~> 2.2)
      slack-notifier

GEM
  remote: https://rubygems.org/
  specs:
    diff-lcs (1.4.4)
    rake (11.3.0)
    rspec (3.10.0)
      rspec-core (~> 3.10.0)
      rspec-expectations (~> 3.10.0)
      rspec-mocks (~> 3.10.0)
    rspec-core (3.10.1)
      rspec-support (~> 3.10.0)
    rspec-expectations (3.10.1)
      diff-lcs (>= 1.2.0, < 2.0)
      rspec-support (~> 3.10.0)
    rspec-mocks (3.10.2)
      diff-lcs (>= 1.2.0, < 2.0)
      rspec-support (~> 3.10.0)
    rspec-support (3.10.3)
    slack-notifier (2.4.0)

PLATFORMS
  x86_64-linux

DEPENDENCIES
  bundler (~> 2.2)
  monit2slack!
  rake (~> 11.0)
  rspec (~> 3.10)

BUNDLED WITH
   2.2.22
